PATH
  remote: .
  specs:
    repoman (0.4.5)
      git (= 1.2.5)
      term-ansicolor (>= 1.0.5)

GEM
  remote: http://rubygems.org/
  specs:
    aruba (0.4.6)
      bcat (>= 0.6.1)
      childprocess (>= 0.2.0)
      cucumber (>= 1.0.2)
      rdiscount (>= 1.6.8)
      rspec (>= 2.6.0)
    bcat (0.6.2)
      rack (~> 1.0)
    builder (3.0.0)
    childprocess (0.2.2)
      ffi (~> 1.0.6)
    cucumber (1.1.0)
      builder (>= 2.1.2)
      diff-lcs (>= 1.1.2)
      gherkin (~> 2.5.0)
      json (>= 1.4.6)
      term-ansicolor (>= 1.0.6)
    diff-lcs (1.1.3)
    ffi (1.0.10)
    gherkin (2.5.4)
      json (>= 1.4.6)
    gherkin (2.5.4-x86-mingw32)
      json (>= 1.4.6)
    git (1.2.5)
    json (1.6.1)
    rack (1.3.5)
    rake (0.9.2.2)
    rdiscount (1.6.8)
    redcarpet (1.17.2)
    rspec (2.7.0)
      rspec-core (~> 2.7.0)
      rspec-expectations (~> 2.7.0)
      rspec-mocks (~> 2.7.0)
    rspec-core (2.7.1)
    rspec-expectations (2.7.0)
      diff-lcs (~> 1.1.2)
    rspec-mocks (2.7.0)
    term-ansicolor (1.0.7)
    thor (0.14.6)
    win32console (1.3.0-x86-mingw32)
    yard (0.7.3)

PLATFORMS
  ruby
  x86-mingw32

DEPENDENCIES
  aruba (~> 0.4.3)
  bundler (>= 1.0.14)
  cucumber (~> 1.0)
  rake (>= 0.8.7)
  redcarpet (>= 1.17.2)
  repoman!
  rspec (>= 2.6.0)
  thor (>= 0.14.6)
  win32console
  yard (>= 0.7.2)
