PATH
  remote: .
  specs:
    repoman (0.4.1)
      git (= 1.2.5)
      term-ansicolor (>= 1.0.5)

GEM
  remote: http://rubygems.org/
  specs:
    aruba (0.4.3)
      bcat (>= 0.6.1)
      childprocess (>= 0.1.9)
      cucumber (>= 0.10.7)
      rdiscount (>= 1.6.8)
      rspec (>= 2.6.0)
    bcat (0.6.1)
      rack (~> 1.0)
    builder (3.0.0)
    childprocess (0.2.1)
      ffi (~> 1.0.6)
    cucumber (1.0.2)
      builder (>= 2.1.2)
      diff-lcs (>= 1.1.2)
      gherkin (~> 2.4.5)
      json (>= 1.4.6)
      term-ansicolor (>= 1.0.5)
    diff-lcs (1.1.2)
    ffi (1.0.9)
    gherkin (2.4.11)
      json (>= 1.4.6)
    gherkin (2.4.11-x86-mingw32)
      json (>= 1.4.6)
    git (1.2.5)
    json (1.5.3)
    rack (1.3.2)
    rake (0.9.2)
    rdiscount (1.6.8)
    redcarpet (1.17.2)
    rspec (2.6.0)
      rspec-core (~> 2.6.0)
      rspec-expectations (~> 2.6.0)
      rspec-mocks (~> 2.6.0)
    rspec-core (2.6.4)
    rspec-expectations (2.6.0)
      diff-lcs (~> 1.1.2)
    rspec-mocks (2.6.0)
    term-ansicolor (1.0.6)
    thor (0.14.6)
    win32console (1.3.0-x86-mingw32)
    yard (0.7.2)

PLATFORMS
  ruby
  x86-mingw32

DEPENDENCIES
  aruba (= 0.4.3)
  bundler (>= 1.0.14)
  cucumber (~> 1.0)
  rake (>= 0.8.7)
  redcarpet (>= 1.17.2)
  repoman!
  rspec (>= 2.6.0)
  thor (>= 0.14.6)
  win32console
  yard (>= 0.7.2)
