PATH
  remote: .
  specs:
    repoman (0.7.0)
      chronic (>= 0.6.5)
      git (= 1.2.5)
      logging (>= 1.6.2)
      mustache (>= 0.99.4)
      slim (>= 1.0.4)
      term-ansicolor (>= 1.0.4)
      thor (~> 0.15.0)

GEM
  remote: http://rubygems.org/
  specs:
    aruba (0.4.5)
      bcat (>= 0.6.1)
      childprocess (>= 0.1.9)
      cucumber (>= 0.10.7)
      rdiscount (>= 1.6.8)
      rspec (>= 2.6.0)
    bcat (0.6.2)
      rack (~> 1.0)
    builder (3.0.0)
    childprocess (0.3.2)
      ffi (~> 1.0.6)
    chronic (0.6.7)
    cucumber (1.2.1)
      builder (>= 2.1.2)
      diff-lcs (>= 1.1.3)
      gherkin (~> 2.11.0)
      json (>= 1.4.6)
    diff-lcs (1.1.3)
    ffi (1.0.11)
    gherkin (2.11.1)
      json (>= 1.4.6)
    gherkin (2.11.1-x86-mingw32)
      json (>= 1.4.6)
    git (1.2.5)
    guard (1.0.3)
      ffi (>= 0.5.0)
      thor (>= 0.14.6)
    guard-cucumber (0.8.0)
      cucumber (>= 1.2.0)
      guard (>= 0.8.3)
    guard-rspec (0.7.3)
      guard (>= 0.10.0)
    json (1.7.3)
    libnotify (0.7.4)
      ffi (~> 1.0.11)
    little-plugger (1.1.3)
    logging (1.7.2)
      little-plugger (>= 1.1.3)
    mustache (0.99.4)
    rack (1.4.1)
    rake (0.9.2.2)
    rdiscount (1.6.8)
    redcarpet (2.1.1)
    rspec (2.10.0)
      rspec-core (~> 2.10.0)
      rspec-expectations (~> 2.10.0)
      rspec-mocks (~> 2.10.0)
    rspec-core (2.10.1)
    rspec-expectations (2.10.0)
      diff-lcs (~> 1.1.3)
    rspec-mocks (2.10.1)
    slim (1.2.2)
      temple (~> 0.4.0)
      tilt (~> 1.3.3)
    temple (0.4.0)
    term-ansicolor (1.0.7)
    thor (0.15.3)
    tilt (1.3.3)
    win32console (1.3.2-x86-mingw32)
    yard (0.8.2.1)
    yard-cucumber (2.2.0)
      cucumber (>= 0.7.5)
      gherkin (>= 2.2.9)
      yard (>= 0.8.1)

PLATFORMS
  ruby
  x86-mingw32

DEPENDENCIES
  aruba (= 0.4.5)
  bundler (>= 1.0.14)
  cucumber (~> 1.0)
  guard (= 1.0.3)
  guard-cucumber (~> 0.8)
  guard-rspec (~> 0.7)
  libnotify
  rake (>= 0.8.7)
  redcarpet (>= 1.17.2)
  repoman!
  rspec (>= 2.6.0)
  win32console
  yard (>= 0.7.4)
  yard-cucumber (>= 2.1.7)
