PATH
  remote: .
  specs:
    repoman (0.4.5)
      chronic (>= 0.6.5)
      git (= 1.2.5)
      logging (>= 1.6.1)
      slim (>= 1.0.4)
      term-ansicolor (>= 1.0.5)

GEM
  remote: http://rubygems.org/
  specs:
    aruba (0.4.5)
      bcat (>= 0.6.1)
      childprocess (>= 0.1.9)
      cucumber (>= 0.10.7)
      rdiscount (>= 1.6.8)
      rspec (>= 2.6.0)
    bcat (0.6.2)
      rack (~> 1.0)
    builder (3.0.0)
    childprocess (0.2.2)
      ffi (~> 1.0.6)
    chronic (0.6.6)
    cucumber (1.1.1)
      builder (>= 2.1.2)
      diff-lcs (>= 1.1.2)
      gherkin (~> 2.6.0)
      json (>= 1.4.6)
      term-ansicolor (>= 1.0.6)
    diff-lcs (1.1.3)
    ffi (1.0.10)
    ffi (1.0.10-x86-mingw32)
    gherkin (2.6.2)
      json (>= 1.4.6)
    gherkin (2.6.2-x86-mingw32)
      json (>= 1.4.6)
    git (1.2.5)
    json (1.6.1)
    little-plugger (1.1.2)
    logging (1.6.1)
      little-plugger (>= 1.1.2)
    rack (1.3.5)
    rake (0.9.2.2)
    rdiscount (1.6.8)
    redcarpet (1.17.2)
    rspec (2.7.0)
      rspec-core (~> 2.7.0)
      rspec-expectations (~> 2.7.0)
      rspec-mocks (~> 2.7.0)
    rspec-core (2.7.1)
    rspec-expectations (2.7.0)
      diff-lcs (~> 1.1.2)
    rspec-mocks (2.7.0)
    slim (1.0.4)
      temple (~> 0.3.4)
      tilt (~> 1.3.2)
    temple (0.3.4)
    term-ansicolor (1.0.7)
    thor (0.14.6)
    tilt (1.3.3)
    win32console (1.3.0-x86-mingw32)
    yard (0.7.4)
    yard-cucumber (2.1.7)
      cucumber (>= 0.7.5)
      gherkin (>= 2.2.9)
      yard (>= 0.7.0)

PLATFORMS
  ruby
  x86-mingw32

DEPENDENCIES
  aruba (= 0.4.5)
  bundler (>= 1.0.14)
  cucumber (~> 1.0)
  rake (>= 0.8.7)
  redcarpet (>= 1.17.2)
  repoman!
  rspec (>= 2.6.0)
  thor (>= 0.14.6)
  win32console
  yard (>= 0.7.4)
  yard-cucumber (>= 2.1.7)
