PATH
  remote: .
  specs:
    repoman (0.2.3)
      configatron (>= 2.5.1)
      git (= 1.2.5)
      term-ansicolor (>= 1.0.4)

GEM
  remote: http://rubygems.org/
  specs:
    aruba (0.2.2)
    builder (2.1.2)
    configatron (2.6.4)
      yamler (>= 0.1.0)
    cucumber (0.9.4)
      builder (~> 2.1.2)
      diff-lcs (~> 1.1.2)
      gherkin (~> 2.2.9)
      json (~> 1.4.6)
      term-ansicolor (~> 1.0.5)
    diff-lcs (1.1.2)
    gherkin (2.2.9)
      json (~> 1.4.6)
      term-ansicolor (~> 1.0.5)
    gherkin (2.2.9-x86-mingw32)
      json (~> 1.4.6)
      term-ansicolor (~> 1.0.5)
    git (1.2.5)
    json (1.4.6)
    json (1.4.6-x86-mingw32)
    kramdown (0.12.0)
    rake (0.8.7)
    rspec (1.3.1)
    term-ansicolor (1.0.5)
    win32console (1.3.0-x86-mingw32)
    yamler (0.1.0)
    yard (0.6.4)

PLATFORMS
  ruby
  x86-mingw32

DEPENDENCIES
  aruba (= 0.2.2)
  bundler (>= 1.0.14)
  cucumber (= 0.9.4)
  kramdown (>= 0.12.0)
  rake (>= 0.8.7)
  repoman!
  rspec (= 1.3.1)
  win32console
  yard (>= 0.6.4)
