GEM
  remote: http://rubygems.org/
  specs:
    aruba (0.4.5)
      bcat (>= 0.6.1)
      childprocess (>= 0.1.9)
      cucumber (>= 0.10.7)
      rdiscount (>= 1.6.8)
      rspec (>= 2.6.0)
    bcat (0.6.2)
      rack (~> 1.0)
    builder (3.0.0)
    childprocess (0.3.4)
      ffi (~> 1.0, >= 1.0.6)
    cucumber (1.2.1)
      builder (>= 2.1.2)
      diff-lcs (>= 1.1.3)
      gherkin (~> 2.11.0)
      json (>= 1.4.6)
    diff-lcs (1.1.3)
    ffi (1.1.0)
    gherkin (2.11.1)
      json (>= 1.4.6)
    grit (2.5.0)
      diff-lcs (~> 1.1)
      mime-types (~> 1.15)
      posix-spawn (~> 0.3.6)
    json (1.7.4)
    map (6.2.0)
    mime-types (1.19)
    posix-spawn (0.3.6)
    rack (1.4.1)
    rack-protection (1.2.0)
      rack
    rdiscount (1.6.8)
    repoman (0.5.2)
      grit
      map
      rugged (= 0.17.0b2)
      sinatra
    rspec (2.11.0)
      rspec-core (~> 2.11.0)
      rspec-expectations (~> 2.11.0)
      rspec-mocks (~> 2.11.0)
    rspec-core (2.11.1)
    rspec-expectations (2.11.2)
      diff-lcs (~> 1.1.3)
    rspec-mocks (2.11.1)
    rugged (0.17.0b2)
    sinatra (1.3.2)
      rack (~> 1.3, >= 1.3.6)
      rack-protection (~> 1.2)
      tilt (~> 1.3, >= 1.3.3)
    tilt (1.3.3)

PLATFORMS
  ruby

DEPENDENCIES
  aruba (= 0.4.5)
  bundler (>= 1.0.14)
  cucumber (~> 1.0)
  repoman
  rspec (>= 2.6.0)
  win32console
